GEM
  remote: https://rubygems.org/
  specs:
    bourbon (4.0.2)
      sass (~> 3.3)
      thor
    haml (4.0.6)
      tilt
    jasmine (2.1.0)
      jasmine-core (~> 2.1.0)
      phantomjs
      rack (>= 1.2.1)
      rake
    jasmine-core (2.1.3)
    neat (1.7.0)
      bourbon (>= 4.0)
      sass (>= 3.3)
    phantomjs (1.9.7.1)
    rack (1.5.2)
    rake (10.4.2)
    sass (3.4.9)
    thor (0.19.1)
    tilt (2.0.1)

PLATFORMS
  ruby

DEPENDENCIES
  bourbon
  haml
  jasmine
  neat
  rake
  sass
